##TITLE=Parameter List, ParaVision 6.0.1
##JCAMPDX=4.24
##DATATYPE=Parameter Values
##ORIGIN=Bruker BioSpin MRI GmbH
##OWNER=nmrsu
$$ 2019-04-04 10:22:53.249 +0200  nmrsu@CZC4170WT4
$$ /opt/PV6.0.1/data/nmrsu/20190404_095244_mk190404_1_1/2/acqp
$$ process /opt/PV6.0.1/prog/mod/acq_out
##$PULPROG=( 32 )
<RARE.ppg>
##$GRDPROG=( 16 )
<>
##$ACQ_experiment_mode=SingleExperiment
##$ACQ_PexSelect=0
##$ACQ_load_shim_set_list=No
##$ACQ_user_filter=Yes
$$ @vis= PULPROG GRDPROG ACQ_experiment_mode ACQ_load_shim_set_list
##$ACQ_user_filter_name=( 16 )
<FreqDriftCorr>
##$ACQ_user_filter_setup_name=( 2, 16 )
<NoOperation> <>
##$ACQ_user_filter_memory=For_one_scan
$$ @vis= ACQ_user_filter ACQ_user_filter_name ACQ_user_filter_setup_name
##$ACQ_user_filter_mode=Standard
##$ACQ_DS_enabled=Yes
##$ACQ_switch_pll_enabled=No
$$ @vis= ACQ_user_filter_memory ACQ_user_filter_mode ACQ_DS_enabled
##$ACQ_preload=0
##$ACQ_branch_preload=( 10, 2 )
1000000 1000000 1000000 1000000 1000000 1000000 1000000 1000000 1000000 
1000000 1000000 1000000 1000000 1000000 1000000 1000000 1000000 1000000 500 
500
##$ACQ_jobs_size=0
##$ACQ_jobs=( 1 )
(0, 1, 0, 1, 64, 100, 0, 0)
##$ACQ_dim=2
$$ @vis= ACQ_switch_pll_enabled ACQ_preload ACQ_branch_preload ACQ_jobs_size
##$ACQ_dim_desc=( 2 )
Spatial Spatial
##$ACQ_size=( 2 )
192 96
##$ACQ_ns_list_size=1
##$ACQ_ns=1
##$ACQ_ns_list=( 1 )
1
##$ACQ_phase_factor=12
$$ @vis= ACQ_dim ACQ_dim_desc ACQ_size ACQ_ns_list_size ACQ_ns ACQ_ns_list
##$ACQ_scan_size=One_scan
##$NI=15
##$NA=12
##$NAE=1
##$NR=1
##$DS=0
##$D=( 64 )
1e-05 0.000118 0.0070345 0.00016 0 0.00170035 0.000118 0 2.5e-05 
0.00190236286587686 1e-05 0.0070345 0 0 0 0 0 0 0 0 0 0 0 0 0 0 0 0 0 0 0 0 0 
0 0 0 0 0 0 0 0 0 0 0 0 0 0 0 0 0 0 0 0 0 0 0 0 0 0 0 0 0 0 0
##$P=( 64 )
1312.5 1062.5 0 0 0 0 0 0 0 0 0 0 0 0 0 0 0 0 0 0 0 0 0 0 0 0 0 0 0 0 0 0 0 0 
0 0 0 0 0 0 0 0 0 0 0 0 0 0 0 0 0 0 0 0 0 0 0 0 0 0 0 0 0 0
##$PLW=( 64 )
0 0 0 0 0 0 0 0 0 0 0 0 0 0 0 0 0 0 0 0 0 0 0 0 0 0 0 0 0 0 0 0 0 0 0 0 0 0 0 
0 0 0 0 0 0 0 0 0 0 0 0 0 0 0 0 0 0 0 0 0 0 0 0 0
##$SPPEX=( 64 )
0 0 0 0 0 0 0 0 0 0 0 0 0 0 0 0 0 0 0 0 0 0 0 0 0 0 0 0 0 0 0 0 0 0 0 0 0 0 0 
0 0 0 0 0 0 0 0 0 0 0 0 0 0 0 0 0 0 0 0 0 0 0 0 0
##$ACQ_RfShapes=( 64 )
(<$ExcPulse1Shape>, 0.317196887605166, 0, 0.5, 0, 100 100 100 100 100 100 100 
100, 0 0 0 0 0 0 0 0) (<$RefPulse1Shape>, 3.79511806009337, 0, 0, 0, 100 100 
100 100 100 100 100 100, 0 0 0 0 0 0 0 0) (<>, 0, 0, 0.5, 0, 0 0 0 0 0 0 0 0, 
0 0 0 0 0 0 0 0) (<>, 0, 0, 0.5, 0, 0 0 0 0 0 0 0 0, 0 0 0 0 0 0 0 0) (<>, 0, 
0, 0.5, 0, 0 0 0 0 0 0 0 0, 0 0 0 0 0 0 0 0) (<>, 0, 0, 0.5, 0, 0 0 0 0 0 0 0 
0, 0 0 0 0 0 0 0 0) (<>, 0, 0, 0.5, 0, 0 0 0 0 0 0 0 0, 0 0 0 0 0 0 0 0) (<>, 
0, 0, 0.5, 0, 0 0 0 0 0 0 0 0, 0 0 0 0 0 0 0 0) (<>, 0, 0, 0.5, 0, 0 0 0 0 0 
0 0 0, 0 0 0 0 0 0 0 0) (<>, 0, 0, 0.5, 0, 0 0 0 0 0 0 0 0, 0 0 0 0 0 0 0 0) 
(<>, 0, 0, 0.5, 0, 0 0 0 0 0 0 0 0, 0 0 0 0 0 0 0 0) (<>, 0, 0, 0.5, 0, 0 0 0 
0 0 0 0 0, 0 0 0 0 0 0 0 0) (<>, 0, 0, 0.5, 0, 0 0 0 0 0 0 0 0, 0 0 0 0 0 0 0 
0) (<>, 0, 0, 0.5, 0, 0 0 0 0 0 0 0 0, 0 0 0 0 0 0 0 0) (<>, 0, 0, 0.5, 0, 0 
0 0 0 0 0 0 0, 0 0 0 0 0 0 0 0) (<>, 0, 0, 0.5, 0, 0 0 0 0 0 0 0 0, 0 0 0 0 0 
0 0 0) (<>, 0, 0, 0.5, 0, 0 0 0 0 0 0 0 0, 0 0 0 0 0 0 0 0) (<>, 0, 0, 0.5, 0,
 0 0 0 0 0 0 0 0, 0 0 0 0 0 0 0 0) (<>, 0, 0, 0.5, 0, 0 0 0 0 0 0 0 0, 0 0 0 
0 0 0 0 0) (<>, 0, 0, 0.5, 0, 0 0 0 0 0 0 0 0, 0 0 0 0 0 0 0 0) (<>, 0, 0, 
0.5, 0, 0 0 0 0 0 0 0 0, 0 0 0 0 0 0 0 0) (<>, 0, 0, 0.5, 0, 0 0 0 0 0 0 0 0, 
0 0 0 0 0 0 0 0) (<>, 0, 0, 0.5, 0, 0 0 0 0 0 0 0 0, 0 0 0 0 0 0 0 0) (<>, 0, 
0, 0.5, 0, 0 0 0 0 0 0 0 0, 0 0 0 0 0 0 0 0) (<>, 0, 0, 0.5, 0, 0 0 0 0 0 0 0 
0, 0 0 0 0 0 0 0 0) (<>, 0, 0, 0.5, 0, 0 0 0 0 0 0 0 0, 0 0 0 0 0 0 0 0) (<>, 
0, 0, 0.5, 0, 0 0 0 0 0 0 0 0, 0 0 0 0 0 0 0 0) (<>, 0, 0, 0.5, 0, 0 0 0 0 0 
0 0 0, 0 0 0 0 0 0 0 0) (<>, 0, 0, 0.5, 0, 0 0 0 0 0 0 0 0, 0 0 0 0 0 0 0 0) 
(<>, 0, 0, 0.5, 0, 0 0 0 0 0 0 0 0, 0 0 0 0 0 0 0 0) (<>, 0, 0, 0.5, 0, 0 0 0 
0 0 0 0 0, 0 0 0 0 0 0 0 0) (<>, 0, 0, 0.5, 0, 0 0 0 0 0 0 0 0, 0 0 0 0 0 0 0 
0) (<>, 0, 0, 0.5, 0, 0 0 0 0 0 0 0 0, 0 0 0 0 0 0 0 0) (<>, 0, 0, 0.5, 0, 0 
0 0 0 0 0 0 0, 0 0 0 0 0 0 0 0) (<>, 0, 0, 0.5, 0, 0 0 0 0 0 0 0 0, 0 0 0 0 0 
0 0 0) (<>, 0, 0, 0.5, 0, 0 0 0 0 0 0 0 0, 0 0 0 0 0 0 0 0) (<>, 0, 0, 0.5, 0,
 0 0 0 0 0 0 0 0, 0 0 0 0 0 0 0 0) (<>, 0, 0, 0.5, 0, 0 0 0 0 0 0 0 0, 0 0 0 
0 0 0 0 0) (<>, 0, 0, 0.5, 0, 0 0 0 0 0 0 0 0, 0 0 0 0 0 0 0 0) (<>, 0, 0, 
0.5, 0, 0 0 0 0 0 0 0 0, 0 0 0 0 0 0 0 0) (<$PVM_FatSupPulShape>, 
0.00030976258555192, 0, 0.5, 0, 100 100 100 100 100 100 100 100, 0 0 0 0 0 0 
0 0) (<sech.exc>, 0.164017148348587, 0, 0.5, 0, 100 100 100 100 100 100 100 
100, 0 0 0 0 0 0 0 0) (<$PVM_SelIrPulShape>, 1.44578048471651, 0, 0, 0, 100 
100 100 100 100 100 100 100, 0 0 0 0 0 0 0 0) (<>, 0, 0, 0.5, 0, 0 0 0 0 0 0 
0 0, 0 0 0 0 0 0 0 0) (<$PVM_FlowSatPulShape>, 0.278786326996728, 0, 0.5, 0, 
100 100 100 100 100 100 100 100, 0 0 0 0 0 0 0 0) (<bp.exc>, 0.76181493333618,
 0, 0.5, 0, 100 100 100 100 100 100 100 100, 0 0 0 0 0 0 0 0) 
(<$PVM_BlBloodPulShape>, 1.44578048471651, 0, 0, 0, 100 100 100 100 100 100 
100 100, 0 0 0 0 0 0 0 0) (<>, 0, 0, 0.5, 0, 0 0 0 0 0 0 0 0, 0 0 0 0 0 0 0 0)
 (<>, 0, 0, 0.5, 0, 0 0 0 0 0 0 0 0, 0 0 0 0 0 0 0 0) (<>, 0, 0, 0.5, 0, 0 0 
0 0 0 0 0 0, 0 0 0 0 0 0 0 0) (<>, 0, 0, 0.5, 0, 0 0 0 0 0 0 0 0, 0 0 0 0 0 0 
0 0) (<>, 0, 0, 0.5, 0, 0 0 0 0 0 0 0 0, 0 0 0 0 0 0 0 0) (<>, 0, 0, 0.5, 0, 
0 0 0 0 0 0 0 0, 0 0 0 0 0 0 0 0) (<>, 0, 0, 0.5, 0, 0 0 0 0 0 0 0 0, 0 0 0 0 
0 0 0 0) (<>, 0, 0, 0.5, 0, 0 0 0 0 0 0 0 0, 0 0 0 0 0 0 0 0) (<>, 0, 0, 0.5, 
0, 0 0 0 0 0 0 0 0, 0 0 0 0 0 0 0 0) (<>, 0, 0, 0.5, 0, 0 0 0 0 0 0 0 0, 0 0 
0 0 0 0 0 0) (<>, 0, 0, 0.5, 0, 0 0 0 0 0 0 0 0, 0 0 0 0 0 0 0 0) (<>, 0, 0, 
0.5, 0, 0 0 0 0 0 0 0 0, 0 0 0 0 0 0 0 0) (<>, 0, 0, 0.5, 0, 0 0 0 0 0 0 0 0, 
0 0 0 0 0 0 0 0) (<>, 0, 0, 0.5, 0, 0 0 0 0 0 0 0 0, 0 0 0 0 0 0 0 0) (<>, 0, 
0, 0.5, 0, 0 0 0 0 0 0 0 0, 0 0 0 0 0 0 0 0) (<>, 0, 0, 0.5, 0, 0 0 0 0 0 0 0 
0, 0 0 0 0 0 0 0 0) (<>, 0, 0, 0.5, 0, 0 0 0 0 0 0 0 0, 0 0 0 0 0 0 0 0)
##$SW_h=8012.82051282051
$$ @vis= ACQ_phase_factor ACQ_scan_size NI NA NAE NR DS D P PLW ACQ_RfShapes
##$SW=178.492384104696
##$FW=0
##$RG=101
##$AQ_mod=qdig
##$DR=22
##$PAPS=QP
##$PH_ref=0
##$BF1=44.8916661235279
##$SFO1=44.8916661235279
##$O1=0
##$ACQ_O1_list_size=15
##$ACQ_O1_list=( 15 )
-36906.144 -28906.144 -20906.144 -12906.144 -4906.144 3093.856 11093.856 
19093.856 -32906.144 -24906.144 -16906.144 -8906.144 -906.144 7093.856 
15093.856
$$ @vis= SW_h SW RG AQ_mod DR PAPS PH_ref BF1 SFO1 O1 ACQ_O1_list_size
##$ACQ_O1B_list_size=15
##$ACQ_O1B_list=( 15 )
2232.93862773029 2232.93862773029 2232.93862773029 2232.93862773029 
2232.93862773029 2232.93862773029 2232.93862773029 2232.93862773029 
2232.93862773029 2232.93862773029 2232.93862773029 2232.93862773029 
2232.93862773029 2232.93862773029 2232.93862773029
##$BF2=44.8
##$SFO2=44.8
##$O2=0
##$ACQ_O2_list_size=1
$$ @vis= ACQ_O1_list ACQ_O1B_list_size ACQ_O1B_list BF2 SFO2 O2
##$ACQ_O2_list=( 1 )
0
##$BF3=44.8
##$SFO3=44.8
##$O3=0
##$ACQ_O3_list_size=1
##$ACQ_O3_list=( 1 )
0
$$ @vis= ACQ_O2_list_size ACQ_O2_list BF3 SFO3 O3 ACQ_O3_list_size
##$BF4=44.8
##$SFO4=44.8
##$O4=0
##$BF5=44.8
##$SFO5=44.8
##$O5=0
##$BF6=44.8
##$SFO6=44.8
##$O6=0
##$BF7=44.8
##$SFO7=44.8
##$O7=0
##$BF8=44.8
##$SFO8=44.8
##$O8=0
$$ @vis= ACQ_O3_list BF4 SFO4 O4 BF5 SFO5 O5 BF6 SFO6 O6 BF7 SFO7 O7 BF8 SFO8
##$NUC1=( 8 )
<1H>
##$NUC2=( 8 )
<off>
##$NUC3=( 8 )
<off>
##$NUC4=( 8 )
<off>
##$NUC5=( 8 )
<off>
##$NUC6=( 8 )
<off>
##$NUC7=( 8 )
<off>
##$NUC8=( 8 )
<off>
##$NUCLEUS=( 8 )
<1H>
##$ACQ_Routing=RouteDefinedByCoil
##$L=( 32 )
0 0 8 0 0 0 0 0 0 0 0 0 0 0 0 0 0 0 0 0 0 0 0 0 0 0 0 0 0 0 0 0
##$ACQ_vd_list_size=1
$$ @vis= O8 NUC1 NUC2 NUC3 NUC4 NUC5 NUC6 NUC7 NUC8 NUCLEUS L
##$ACQ_vd_list=( 1 )
1e-06
##$ACQ_vp_list_size=1
##$ACQ_vp_list=( 1 )
1e-06
##$ACQ_protocol_name=( 64 )
<T2_RARE>
$$ @vis= ACQ_vd_list_size ACQ_vd_list ACQ_vp_list_size ACQ_vp_list
##$ACQ_scan_name=( 64 )
<T2_RARE (E2)>
##$ACQ_method=( 40 )
<Bruker:RARE>
##$ACQ_completed=Yes
##$ACQ_pipe_status=Wrapup
$$ @vis= ACQ_protocol_name ACQ_scan_name ACQ_method ACQ_completed
##$ACQ_scans_completed=0
##$ACQ_nr_completed=1
##$ACQ_total_completed=1440
$$ @vis= ACQ_pipe_status ACQ_scans_completed ACQ_nr_completed
##$ACQ_word_size=_32_BIT
##$NECHOES=12
##$ACQ_n_echo_images=1
##$ACQ_n_movie_frames=1
$$ @vis= ACQ_total_completed ACQ_word_size NECHOES ACQ_n_echo_images
##$ACQ_echo_descr=( 1, 20 )
<>
##$ACQ_movie_descr=( 1, 20 )
<>
##$ACQ_fov=( 2 )
2.7 2.7
##$ACQ_read_ext=1
$$ @vis= ACQ_n_movie_frames ACQ_echo_descr ACQ_movie_descr ACQ_fov
##$ACQ_slice_angle=( 1 )
0
##$ACQ_slice_orient=Arbitrary_Oblique
##$ACQ_patient_pos=Head_Prone
##$ACQ_read_offset=( 15 )
7.52411 7.52411 7.52411 7.52411 7.52411 7.52411 7.52411 7.52411 7.52411 
7.52411 7.52411 7.52411 7.52411 7.52411 7.52411
$$ @vis= ACQ_read_ext ACQ_slice_angle ACQ_slice_orient ACQ_patient_pos
##$ACQ_phase1_offset=( 15 )
1.4791 1.4791 1.4791 1.4791 1.4791 1.4791 1.4791 1.4791 1.4791 1.4791 1.4791 
1.4791 1.4791 1.4791 1.4791
##$ACQ_phase2_offset=( 15 )
0 0 0 0 0 0 0 0 0 0 0 0 0 0 0
##$ACQ_slice_sepn=( 1 )
1.25
##$ACQ_slice_sepn_mode=Contiguous
$$ @vis= ACQ_read_offset ACQ_phase1_offset ACQ_phase2_offset ACQ_slice_sepn
##$ACQ_slice_thick=1
##$ACQ_slice_offset=( 15 )
-11.53317 -10.28317 -9.03317 -7.78317 -6.53317 -5.28317 -4.03317 -2.78317 
-1.53317 -0.28317 0.96683 2.21683 3.46683 4.71683 5.96683
##$ACQ_obj_order=( 15 )
0 2 4 6 8 10 12 14 1 3 5 7 9 11 13
##$ACQ_flip_angle=90
$$ @vis= ACQ_slice_sepn_mode ACQ_slice_thick ACQ_slice_offset ACQ_obj_order
##$ACQ_flipback=No
##$ACQ_echo_time=( 1 )
85
##$ACQ_inter_echo_time=( 1 )
17
##$ACQ_recov_time=( 1 )
3025.93544298815
$$ @vis= ACQ_flip_angle ACQ_flipback ACQ_echo_time ACQ_inter_echo_time
##$ACQ_repetition_time=( 1 )
3221.43544298815
##$ACQ_scan_time=0
##$ACQ_temporal_delay=( 1 )
0
##$ACQ_time=<2019-04-04T10:17:41,218+0200>
$$ @vis= ACQ_recov_time ACQ_repetition_time ACQ_scan_time ACQ_temporal_delay
##$ACQ_time_points=( 1 )
0
##$ACQ_abs_time=(1554365861, 218, 120)
##$ACQ_operator=( 16 )
<nmrsu>
##$ACQ_RF_power=0
##$ACQ_transmitter_coil=( 16 )
<>
$$ @vis= ACQ_time ACQ_time_points ACQ_abs_time ACQ_operator ACQ_RF_power
##$ACQ_contrast_agent=( 20 )
<>
##$ACQ_trigger_enable=No
##$ACQ_institution=( 48 )
<Luebeck>
$$ @vis= ACQ_transmitter_coil ACQ_contrast_agent ACQ_trigger_enable
##$ACQ_station=( 64 )
<ICON 1T>
##$ACQ_system_order_number=( 24 )
<10187076>
##$ACQ_sw_version=( 65 )
<PV 6.0.1>
##$ACQ_grad_str_X=0
$$ @vis= ACQ_institution ACQ_station ACQ_system_order_number ACQ_sw_version
##$ACQ_grad_str_Y=0
##$ACQ_grad_str_Z=0
##$ACQ_position_X=0
##$ACQ_position_Y=0
$$ @vis= ACQ_grad_str_X ACQ_grad_str_Y ACQ_grad_str_Z ACQ_position_X
##$ACQ_position_Z=0
##$BYTORDA=little
##$INSTRUM=( 64 )
<spect>
##$ACQ_adc_overflow=( 1 )
No
##$GRPDLY=35.9842376708984
$$ @vis= ACQ_position_Y ACQ_position_Z BYTORDA INSTRUM ACQ_adc_overflow
##$FRQLO3=0
##$ACQ_CalibratedRG=( 1, 1 )
101
##$FQ1LIST=( 16 )
<ACQ_O1_list>
##$FQ2LIST=( 16 )
<ACQ_O2_list>
##$FQ3LIST=( 16 )
<ACQ_O3_list>
##$FQ8LIST=( 16 )
<ACQ_O1B_list>
$$ @vis= GRPDLY FRQLO3 ACQ_CalibratedRG ACQ_INFO FQ1LIST FQ2LIST FQ3LIST
##$SPW=( 64 )
0.317196887605166 3.79511806009337 0 0 0 0 0 0 0 0 0 0 0 0 0 0 0 0 0 0 0 0 0 
0 0 0 0 0 0 0 0 0 0 0 0 0 0 0 0 0 0.00030976258555192 0.164017148348587 
1.44578048471651 0 0.278786326996728 0.76181493333618 1.44578048471651 0 0 0 
0 0 0 0 0 0 0 0 0 0 0 0 0 0
##$SPOAL=( 64 )
0.5 0 0.5 0.5 0.5 0.5 0.5 0.5 0.5 0.5 0.5 0.5 0.5 0.5 0.5 0.5 0.5 0.5 0.5 0.5 
0.5 0.5 0.5 0.5 0.5 0.5 0.5 0.5 0.5 0.5 0.5 0.5 0.5 0.5 0.5 0.5 0.5 0.5 0.5 
0.5 0.5 0.5 0 0.5 0.5 0.5 0 0.5 0.5 0.5 0.5 0.5 0.5 0.5 0.5 0.5 0.5 0.5 0.5 
0.5 0.5 0.5 0.5 0.5
##$SPOFFS=( 64 )
0 0 0 0 0 0 0 0 0 0 0 0 0 0 0 0 0 0 0 0 0 0 0 0 0 0 0 0 0 0 0 0 0 0 0 0 0 0 0 
0 0 0 0 0 0 0 0 0 0 0 0 0 0 0 0 0 0 0 0 0 0 0 0 0
##$SPNAM0=( 64 )
<$ExcPulse1Shape>
##$SPNAM1=( 64 )
<$RefPulse1Shape>
##$SPNAM2=( 64 )
<>
##$SPNAM3=( 64 )
<>
##$SPNAM4=( 64 )
<>
##$SPNAM5=( 64 )
<>
##$SPNAM6=( 64 )
<>
$$ @vis= FQ8LIST SPW SPOAL SPOFFS SPNAM0 SPNAM1 SPNAM2 SPNAM3 SPNAM4 SPNAM5
##$SPNAM7=( 64 )
<>
##$SPNAM8=( 64 )
<>
##$SPNAM9=( 64 )
<>
##$SPNAM10=( 64 )
<>
##$SPNAM11=( 64 )
<>
##$SPNAM12=( 64 )
<>
##$SPNAM13=( 64 )
<>
##$SPNAM14=( 64 )
<>
##$SPNAM15=( 64 )
<>
$$ @vis= SPNAM6 SPNAM7 SPNAM8 SPNAM9 SPNAM10 SPNAM11 SPNAM12 SPNAM13 SPNAM14
##$SPNAM16=( 64 )
<>
##$SPNAM17=( 64 )
<>
##$SPNAM18=( 64 )
<>
##$SPNAM19=( 64 )
<>
##$SPNAM20=( 64 )
<>
##$SPNAM21=( 64 )
<>
##$SPNAM22=( 64 )
<>
##$SPNAM23=( 64 )
<>
$$ @vis= SPNAM15 SPNAM16 SPNAM17 SPNAM18 SPNAM19 SPNAM20 SPNAM21 SPNAM22
##$SPNAM24=( 64 )
<>
##$SPNAM25=( 64 )
<>
##$SPNAM26=( 64 )
<>
##$SPNAM27=( 64 )
<>
##$SPNAM28=( 64 )
<>
##$SPNAM29=( 64 )
<>
##$SPNAM30=( 64 )
<>
##$SPNAM31=( 64 )
<>
$$ @vis= SPNAM23 SPNAM24 SPNAM25 SPNAM26 SPNAM27 SPNAM28 SPNAM29 SPNAM30
##$SPNAM32=( 64 )
<>
##$SPNAM33=( 64 )
<>
##$SPNAM34=( 64 )
<>
##$SPNAM35=( 64 )
<>
##$SPNAM36=( 64 )
<>
##$SPNAM37=( 64 )
<>
##$SPNAM38=( 64 )
<>
##$SPNAM39=( 64 )
<>
$$ @vis= SPNAM31 SPNAM32 SPNAM33 SPNAM34 SPNAM35 SPNAM36 SPNAM37 SPNAM38
##$SPNAM40=( 64 )
<$PVM_FatSupPulShape>
##$SPNAM41=( 64 )
<sech.exc>
##$SPNAM42=( 64 )
<$PVM_SelIrPulShape>
##$SPNAM43=( 64 )
<>
##$SPNAM44=( 64 )
<$PVM_FlowSatPulShape>
##$SPNAM45=( 64 )
<bp.exc>
##$SPNAM46=( 64 )
<$PVM_BlBloodPulShape>
##$SPNAM47=( 64 )
<>
$$ @vis= SPNAM39 SPNAM40 SPNAM41 SPNAM42 SPNAM43 SPNAM44 SPNAM45 SPNAM46
##$SPNAM48=( 64 )
<>
##$SPNAM49=( 64 )
<>
##$SPNAM50=( 64 )
<>
##$SPNAM51=( 64 )
<>
##$SPNAM52=( 64 )
<>
##$SPNAM53=( 64 )
<>
##$SPNAM54=( 64 )
<>
##$SPNAM55=( 64 )
<>
$$ @vis= SPNAM47 SPNAM48 SPNAM49 SPNAM50 SPNAM51 SPNAM52 SPNAM53 SPNAM54
##$SPNAM56=( 64 )
<>
##$SPNAM57=( 64 )
<>
##$SPNAM58=( 64 )
<>
##$SPNAM59=( 64 )
<>
##$SPNAM60=( 64 )
<>
##$SPNAM61=( 64 )
<>
##$SPNAM62=( 64 )
<>
##$SPNAM63=( 64 )
<>
$$ @vis= SPNAM55 SPNAM56 SPNAM57 SPNAM58 SPNAM59 SPNAM60 SPNAM61 SPNAM62
##$HPPRGN=normal
##$LOCNUC=( 8 )
<off>
##$QNP=1
##$SOLVENT=( 16 )
<>
##$DIGMOD=digital_mode
##$DIGTYP=DRU
##$DQDMODE=DQDMODE_sub
$$ @vis= SPNAM63 SPNAMES HPPRGN LOCNUC QNP SOLVENT HIRES DIGMOD DIGTYP
##$DSPFIRM=DSP_medium
##$DECIM=2496
##$DSPFVS=23
##$ACQ_scan_shift=-72
##$DEOSC=13759.15
##$DE=6
##$HDDUTY=20
##$HDRATE=1
$$ @vis= DQDMODE DSPFIRM DECIM DSPFVS ACQ_scan_shift DEOSC DE HDDUTY HDRATE
##$ACQ_n_trim=1
##$ACQ_scaling_read=1
##$ACQ_scaling_phase=1
$$ @vis= AVANCE_PARS ACQ_n_trim ACQ_trim_values ACQ_scaling_read
##$ACQ_scaling_slice=1
##$ACQ_grad_matrix_size=15
##$ACQ_grad_matrix=( 15, 3, 3 )
0 0 1 1 0 0 0 1 0 0 0 1 1 0 0 0 1 0 0 0 1 1 0 0 0 1 0 0 0 1 1 0 0 0 1 0 0 0 1 
1 0 0 0 1 0 0 0 1 1 0 0 0 1 0 0 0 1 1 0 0 0 1 0 0 0 1 1 0 0 0 1 0 0 0 1 1 0 0 
0 1 0 0 0 1 1 0 0 0 1 0 0 0 1 1 0 0 0 1 0 0 0 1 1 0 0 0 1 0 0 0 1 1 0 0 0 1 0 
0 0 1 1 0 0 0 1 0 0 0 1 1 0 0 0 1 0
$$ @vis= ACQ_scaling_phase ACQ_scaling_slice ACQ_grad_matrix_size
##$NSLICES=15
##$ACQ_rare_factor=12
##$ACQ_phase_encoding_mode=( 2 )
Read User_Defined_Encoding
##$ACQ_phase_enc_start=( 2 )
-1 -1
$$ @vis= ACQ_grad_matrix NSLICES ACQ_rare_factor ACQ_phase_encoding_mode
##$ACQ_spatial_size_1=96
##$ACQ_spatial_phase_1=( 96 )
-0.546875 -0.421875 -0.296875 -0.171875 -0.046875 0.078125 0.203125 0.328125 
0.453125 0.578125 0.703125 -0.671875 -0.53125 -0.40625 -0.28125 -0.15625 
-0.03125 0.09375 0.21875 0.34375 0.46875 0.59375 0.71875 -0.65625 -0.515625 
-0.390625 -0.265625 -0.140625 -0.015625 0.109375 0.234375 0.359375 0.484375 
0.609375 0.734375 -0.640625 -0.5 -0.375 -0.25 -0.125 0 0.125 0.25 0.375 0.5 
0.625 -0.75 -0.625 -0.484375 -0.359375 -0.234375 -0.109375 0.015625 0.140625 
0.265625 0.390625 0.515625 0.640625 -0.734375 -0.609375 -0.46875 -0.34375 
-0.21875 -0.09375 0.03125 0.15625 0.28125 0.40625 0.53125 0.65625 -0.71875 
-0.59375 -0.453125 -0.328125 -0.203125 -0.078125 0.046875 0.171875 0.296875 
0.421875 0.546875 0.671875 -0.703125 -0.578125 -0.4375 -0.3125 -0.1875 
-0.0625 0.0625 0.1875 0.3125 0.4375 0.5625 0.6875 -0.6875 -0.5625
##$ACQ_gradient_amplitude=( 100 )
20.9915902441584 5 2.78518730293073 12.9472933622849 9.14477966700034 
1.94678061232773 0 0.932528530997158 4.57238983350017 0 0 0 0 0 0 0 0 0 0 0 0 
0 0 0 0 0 0 0 0 0 0 0 0 0 0 0 0 0 0 0 0 0 0 0 0 0 0 0 0 0 0 0 0 0 0 0 0 0 0 0 
0 0 0 0 0 0 0 0 0 0 0 0 0 0 0 0 0 0 0 0 0 0 0 0 0 0 0 0 0 0 0 0 0 0 0 0 0 0 0 
0
$$ @vis= ACQ_phase_enc_start ACQ_spatial_size_1 ACQ_spatial_phase_1
##$GS_dim=1
##$GS_disp_update=Each_Accum
##$GS_online_reco=Yes
$$ @vis= ACQ_gradient_amplitude GRAD_PARS GS_dim GS_disp_update
##$GS_reco_display=Yes
##$GS_shuffle_profiles=Yes
##$GS_typ=Spectrometer_Parameters
##$GS_info_dig_filling=Yes
$$ @vis= GS_online_reco GS_reco_display GS_shuffle_profiles GS_typ
##$GS_info_normalized_area=No_info
##$GS_info_max_point=No_info
##$GS_get_info_points=No_info
$$ @vis= GS_info_dig_filling GS_info_normalized_area GS_info_max_point
##$GS_continue=Exit_gsauto
##$GO_init_files=No
##$GO_data_save=Yes
##$GO_block_size=Standard_KBlock_Format
$$ @vis= GS_get_info_points GS_continue GS GO_init_files GO_data_save
##$GO_raw_data_format=GO_32BIT_SGN_INT
##$GO_disp_update=Each_Accum
##$GO_online_reco=Yes
##$GO_reco_display=Yes
$$ @vis= GO_block_size GO_raw_data_format GO_disp_update GO_online_reco
##$GO_reco_each_nr=No
##$GO_max_reco_mem=0
##$GO_time_est=Yes
##$GO_use_macro=No
$$ @vis= GO_reco_display GO_reco_each_nr GO_max_reco_mem GO_time_est
##$GO_macro=( 4096 )
<>
##$GO_LogTimestamp=No
##$ACQ_DriftCompActive=No
##$ACQ_DriftCompJob=1
##$ACQ_DriftCompFilterWidth=1
$$ @vis= GO_use_macro GO_LogTimestamp GO ACQ_DriftCompActive ACQ_DriftCompJob
##$ACQ_DriftCompStep=1
##$ACQ_DriftCompOffset=0
##$ACQ_DriftCompDebug=No
$$ @vis= ACQ_DriftCompFilterWidth ACQ_DriftCompStep ACQ_DriftCompOffset
##$ACQ_MPI_field_steps=1
##$ACQ_MPI_drive_field_cycle=0
$$ @vis= ACQ_DriftCompDebug Drift ACQ_MPI_field_steps
##$ACQ_MPI_selection_field_gradient=0
##$ACQ_MPI_base_frequency=0
$$ @vis= ACQ_MPI_drive_field_cycle ACQ_MPI_selection_field_gradient
##$ACQ_MPI_drive_field_strength=( 3 )
0 0 0
##$ACQ_MPI_div=( 3 )
0 0 0
##$ACQ_MPI_frequency_select=( 3 )
Yes Yes Yes
$$ @vis= ACQ_MPI_base_frequency ACQ_MPI_drive_field_strength ACQ_MPI_div
$$ @vis= ACQ_MPI_frequency_select MPI ACQP
##END=
$$ File finished by PARX at 2019-04-04 10:22:53.251 +0200
